GEM
  remote: https://rubygems.org/
  specs:
    concurrent-ruby (1.1.5)
    faker (1.9.2)
      i18n (>= 0.7)
    i18n (1.6.0)
      concurrent-ruby (~> 1.0)
    irb (1.0.0)

PLATFORMS
  ruby

DEPENDENCIES
  faker (= 1.9.2)
  irb

BUNDLED WITH
   1.17.2
